GEM
  remote: https://rubygems.org/
  specs:
    addressable (2.3.2)
    backports (2.6.5)
    coderay (1.0.8)
    data_mapper (1.0.2)
      dm-aggregates (= 1.0.2)
      dm-constraints (= 1.0.2)
      dm-core (= 1.0.2)
      dm-migrations (= 1.0.2)
      dm-serializer (= 1.0.2)
      dm-timestamps (= 1.0.2)
      dm-transactions (= 1.0.2)
      dm-types (= 1.0.2)
      dm-validations (= 1.0.2)
    data_objects (0.10.10)
      addressable (~> 2.1)
    diff-lcs (1.1.3)
    dm-aggregates (1.0.2)
      dm-core (~> 1.0.2)
    dm-constraints (1.0.2)
      dm-core (~> 1.0.2)
      dm-migrations (~> 1.0.2)
    dm-core (1.0.2)
      addressable (~> 2.2)
      extlib (~> 0.9.15)
    dm-do-adapter (1.0.2)
      data_objects (~> 0.10.2)
      dm-core (~> 1.0.2)
    dm-migrations (1.0.2)
      dm-core (~> 1.0.2)
    dm-rspec2 (0.3.0)
      dm-core
      dm-types
      dm-validations
    dm-serializer (1.0.2)
      dm-core (~> 1.0.2)
      fastercsv (~> 1.5.3)
      json_pure (~> 1.4)
    dm-sqlite-adapter (1.0.2)
      dm-do-adapter (~> 1.0.2)
      do_sqlite3 (~> 0.10.2)
    dm-timestamps (1.0.2)
      dm-core (~> 1.0.2)
    dm-transactions (1.0.2)
      dm-core (~> 1.0.2)
    dm-types (1.0.2)
      dm-core (~> 1.0.2)
      fastercsv (~> 1.5.3)
      json_pure (~> 1.4)
      stringex (~> 1.1.0)
      uuidtools (~> 2.1.1)
    dm-validations (1.0.2)
      dm-core (~> 1.0.2)
    do_jdbc (0.10.10-java)
      data_objects (= 0.10.10)
    do_postgres (0.10.10)
      data_objects (= 0.10.10)
    do_postgres (0.10.10-java)
      data_objects (= 0.10.10)
      do_jdbc (= 0.10.10)
      jdbc-postgres (>= 8.2)
    do_sqlite3 (0.10.10)
      data_objects (= 0.10.10)
    do_sqlite3 (0.10.10-java)
      data_objects (= 0.10.10)
      do_jdbc (= 0.10.10)
      jdbc-sqlite3 (>= 3.5.8)
    eventmachine (1.0.0)
    eventmachine (1.0.0-java)
    extlib (0.9.15)
    fastercsv (1.5.5)
    ffi (1.1.5)
    ffi (1.1.5-java)
    guard (1.5.4)
      listen (>= 0.4.2)
      lumberjack (>= 1.0.2)
      pry (>= 0.9.10)
      thor (>= 0.14.6)
    guard-bundler (1.0.0)
      bundler (~> 1.0)
      guard (~> 1.1)
    guard-rspec (2.1.1)
      guard (>= 1.1)
      rspec (~> 2.11)
    jdbc-postgres (9.1.901)
    jdbc-sqlite3 (3.7.2)
    jruby-rack (1.1.10)
    json (1.7.5)
    json (1.7.5-java)
    json_pure (1.7.5)
    listen (0.5.3)
    logger (1.2.8)
    lumberjack (1.0.2)
    method_source (0.8.1)
    pry (0.9.10)
      coderay (~> 1.0.5)
      method_source (~> 0.8)
      slop (~> 3.3.1)
    pry (0.9.10-java)
      coderay (~> 1.0.5)
      method_source (~> 0.8)
      slop (~> 3.3.1)
      spoon (~> 0.0)
    rack (1.4.1)
    rack-cors (0.2.7)
      rack
    rack-protection (1.2.0)
      rack
    rack-test (0.6.2)
      rack (>= 1.0)
    rb-fsevent (0.9.2)
    rb-inotify (0.8.8)
      ffi (>= 0.5.0)
    rspec (2.12.0)
      rspec-core (~> 2.12.0)
      rspec-expectations (~> 2.12.0)
      rspec-mocks (~> 2.12.0)
    rspec-core (2.12.0)
    rspec-expectations (2.12.0)
      diff-lcs (~> 1.1.3)
    rspec-mocks (2.12.0)
    sinatra (1.3.3)
      rack (~> 1.3, >= 1.3.6)
      rack-protection (~> 1.2)
      tilt (~> 1.3, >= 1.3.3)
    sinatra-contrib (1.3.2)
      backports (>= 2.0)
      eventmachine
      rack-protection
      rack-test
      sinatra (~> 1.3.0)
      tilt (~> 1.3)
    slop (3.3.3)
    spoon (0.0.1)
    stringex (1.1.0)
    thor (0.16.0)
    tilt (1.3.3)
    trinidad (1.4.4)
      jruby-rack (>= 1.1.10)
      trinidad_jars (>= 1.1.0)
    trinidad_jars (1.1.1)
    uuidtools (2.1.3)

PLATFORMS
  java

DEPENDENCIES
  data_mapper
  dm-rspec2
  dm-sqlite-adapter
  do_jdbc
  do_postgres
  do_sqlite3
  guard-bundler
  guard-rspec
  json
  logger
  rack-cors
  rack-test
  rb-fsevent
  rb-inotify (~> 0.8.8)
  rspec
  sinatra
  sinatra-contrib
  trinidad
